GEM
  remote: https://rubygems.org/
  specs:
    benchmark-ips (2.10.0)
    benchmark-memory (0.2.0)
      memory_profiler (~> 1)
    creek (2.5.3)
      nokogiri (>= 1.10.0)
      rubyzip (>= 1.0.0)
    memory_profiler (1.0.0)
    nokogiri (1.13.8-arm64-darwin)
      racc (~> 1.4)
    racc (1.6.0)
    roo (2.9.0)
      nokogiri (~> 1)
      rubyzip (>= 1.3.0, < 3.0.0)
    rubyXL (3.4.25)
      nokogiri (>= 1.10.8)
      rubyzip (>= 1.3.0)
    rubyzip (2.3.2)
    simple_xlsx_reader (2.0.0)
      nokogiri
      rubyzip
    terminal-table (3.0.2)
      unicode-display_width (>= 1.1.1, < 3)
    unicode-display_width (2.2.0)
    xsv (1.1.1)
      rubyzip (>= 1.3, < 3)

PLATFORMS
  arm64-darwin-21

DEPENDENCIES
  benchmark-ips
  benchmark-memory
  creek
  roo
  rubyXL
  simple_xlsx_reader
  terminal-table
  xsv

BUNDLED WITH
   2.3.8
